PATH
  remote: .
  specs:
    schnorr_sig (1.2.0.1)
      ecdsa_ext (~> 0)

GEM
  remote: https://rubygems.org/
  specs:
    ecdsa (1.2.0)
    ecdsa_ext (0.5.1)
      ecdsa (~> 1.2.0)
    mini_portile2 (2.8.7)
    pkg-config (1.5.6)
    rbsecp256k1 (6.0.0)
      mini_portile2 (~> 2.8)
      pkg-config (~> 1.5)
      rubyzip (~> 2.3)
    rubyzip (2.3.2)

PLATFORMS
  ruby
  x86_64-linux

DEPENDENCIES
  rbsecp256k1
  schnorr_sig!

BUNDLED WITH
   2.5.11
